GEM
  remote: http://rubygems.org/
  specs:
    childprocess (0.7.1)
      ffi (~> 1.0, >= 1.0.11)
    ffi (1.9.18-x64-mingw32)
    minitest (5.10.1)
    power_assert (1.0.1)
    rack (1.6.8)
    rack-protection (1.5.3)
      rack
    rake (12.0.0)
    rubyzip (1.2.1)
    selenium-webdriver (3.5.2)
      childprocess (~> 0.5)
      rubyzip (~> 1.0)
    sinatra (1.4.8)
      rack (~> 1.5)
      rack-protection (~> 1.4)
      tilt (>= 1.3, < 3)
    test-unit (3.2.3)
      power_assert
    tilt (2.0.8)

PLATFORMS
  x64-mingw32

DEPENDENCIES
  minitest
  rake
  selenium-webdriver (>= 3.5.1)
  sinatra (~> 1.4.8)
  test-unit

RUBY VERSION
   ruby 2.3.1p112

BUNDLED WITH
   1.15.4
